GEM
  remote: https://rubygems.org/
  specs:
    coderay (1.0.8)
    coffee-script (2.2.0)
      coffee-script-source
      execjs
    coffee-script-source (1.4.0)
    columnize (0.3.6)
    commonjs (0.2.6)
    debugger (1.1.4)
      columnize (>= 0.3.1)
      debugger-linecache (~> 1.1.1)
      debugger-ruby_core_source (~> 1.1.3)
    debugger-linecache (1.1.2)
      debugger-ruby_core_source (>= 1.1.1)
    debugger-ruby_core_source (1.1.6)
    diff-lcs (1.1.3)
    execjs (1.4.0)
      multi_json (~> 1.0)
    handlebars (0.3.1)
      commonjs (~> 0.2.3)
      therubyracer (~> 0.10.0)
    httparty (0.9.0)
      multi_json (~> 1.0)
      multi_xml
    jsmin (1.0.1)
    libv8 (3.3.10.4)
    method_source (0.8.1)
    multi_json (1.5.0)
    multi_xml (0.5.1)
    pry (0.9.10)
      coderay (~> 1.0.5)
      method_source (~> 0.8)
      slop (~> 3.3.1)
    rack (1.4.1)
    rack-protection (1.2.0)
      rack
    rack-test (0.6.1)
      rack (>= 1.0)
    rspec (2.12.0)
      rspec-core (~> 2.12.0)
      rspec-expectations (~> 2.12.0)
      rspec-mocks (~> 2.12.0)
    rspec-core (2.12.1)
    rspec-expectations (2.12.0)
      diff-lcs (~> 1.1.3)
    rspec-mocks (2.12.0)
    sass (3.2.4)
    sinatra (1.3.2)
      rack (~> 1.3, >= 1.3.6)
      rack-protection (~> 1.2)
      tilt (~> 1.3, >= 1.3.3)
    sinatra-assetpack (0.0.11)
      jsmin
      rack-test
      sinatra
      tilt (>= 1.3.0)
    slop (3.3.3)
    therubyracer (0.10.2)
      libv8 (~> 3.3.10)
    tilt (1.3.3)

PLATFORMS
  ruby

DEPENDENCIES
  coffee-script
  commonjs
  debugger (~> 1.1.3)
  handlebars
  httparty
  jsmin
  libv8
  multi_json
  multi_xml
  pry
  rspec
  sass
  sinatra
  sinatra-assetpack
  therubyracer
  tilt
